GIT
  remote: https://github.com/annawimbauer/sinatra-webfinger.git
  revision: 736ac0312d9031c1ec61bb46c9319c557af7d53a
  branch: master
  specs:
    sinatra-webfinger (0.2.3)
      multi_json (>= 1.0)
      sinatra (>= 1.3)

GEM
  remote: https://rubygems.org/
  specs:
    abstraction (0.0.4)
    activemodel (6.1.3.1)
      activesupport (= 6.1.3.1)
    activerecord (6.1.3.1)
      activemodel (= 6.1.3.1)
      activesupport (= 6.1.3.1)
    activesupport (6.1.3.1)
      concurrent-ruby (~> 1.0, >= 1.0.2)
      i18n (>= 1.6, < 2)
      minitest (>= 5.1)
      tzinfo (~> 2.0)
      zeitwerk (~> 2.3)
    aes_key_wrap (1.1.0)
    bcrypt (3.1.16)
    bindata (2.4.8)
    concurrent-ruby (1.1.8)
    daemons (1.3.1)
    diff-lcs (1.4.4)
    eventmachine (1.2.7)
    haml (5.2.1)
      temple (>= 0.8.0)
      tilt
    i18n (1.8.10)
      concurrent-ruby (~> 1.0)
    json (2.5.1)
    json-jwt (1.13.0)
      activesupport (>= 4.2)
      aes_key_wrap
      bindata
    jwt (2.2.2)
    minitest (5.14.4)
    multi_json (1.15.0)
    mustermann (1.1.1)
      ruby2_keywords (~> 0.0.1)
    net-ldap (0.17.0)
    openssl (2.2.0)
    power_assert (2.0.0)
    rack (2.2.3)
    rack-protection (2.1.0)
      rack
    rack-test (1.1.0)
      rack (>= 1.0, < 3)
    require_all (3.0.0)
    rspec (3.10.0)
      rspec-core (~> 3.10.0)
      rspec-expectations (~> 3.10.0)
      rspec-mocks (~> 3.10.0)
    rspec-core (3.10.1)
      rspec-support (~> 3.10.0)
    rspec-expectations (3.10.1)
      diff-lcs (>= 1.2.0, < 2.0)
      rspec-support (~> 3.10.0)
    rspec-mocks (3.10.1)
      diff-lcs (>= 1.2.0, < 2.0)
      rspec-support (~> 3.10.0)
    rspec-support (3.10.1)
    ruby2_keywords (0.0.4)
    scanf (1.0.0)
    sinatra (2.1.0)
      mustermann (~> 1.0)
      rack (~> 2.2)
      rack-protection (= 2.1.0)
      tilt (~> 2.0)
    sinatra-activerecord (2.0.22)
      activerecord (>= 4.1)
      sinatra (>= 1.0)
    sinatra-contrib (2.1.0)
      multi_json
      mustermann (~> 1.0)
      rack-protection (= 2.1.0)
      sinatra (= 2.1.0)
      tilt (~> 2.0)
    sinatra-cors (1.2.0)
    sqlite3 (1.4.2)
    temple (0.8.2)
    test-unit (3.3.9)
      power_assert
    thin (1.8.0)
      daemons (~> 1.0, >= 1.0.9)
      eventmachine (~> 1.0, >= 1.0.4)
      rack (>= 1, < 3)
    tilt (2.0.10)
    tzinfo (2.0.4)
      concurrent-ruby (~> 1.0)
    webrick (1.7.0)
    zeitwerk (2.4.2)

PLATFORMS
  x86_64-darwin-19
  x86_64-linux

DEPENDENCIES
  abstraction
  bcrypt
  haml
  json
  json-jwt
  jwt
  net-ldap
  openssl
  rack-test
  require_all
  rspec
  scanf
  sinatra
  sinatra-activerecord
  sinatra-contrib
  sinatra-cors
  sinatra-webfinger!
  sqlite3
  test-unit
  thin
  webrick

BUNDLED WITH
   2.2.3
